GEM
  remote: https://rubygems.org/
  specs:
    builder (3.0.4)
    diff-lcs (1.2.5)
    docile (1.1.5)
    mini_portile2 (2.8.0)
    multi_json (1.10.1)
    nokogiri (1.13.4)
      mini_portile2 (~> 2.8.0)
      racc (~> 1.4)
    racc (1.6.0)
    rspec (2.14.1)
      rspec-core (~> 2.14.0)
      rspec-expectations (~> 2.14.0)
      rspec-mocks (~> 2.14.0)
    rspec-core (2.14.8)
    rspec-expectations (2.14.5)
      diff-lcs (>= 1.1.3, < 2.0)
    rspec-mocks (2.14.6)
    simplecov (0.8.2)
      docile (~> 1.1.0)
      multi_json
      simplecov-html (~> 0.8.0)
    simplecov-html (0.8.0)
    simplecov-rcov (0.2.3)
      simplecov (>= 0.4.1)

PLATFORMS
  ruby

DEPENDENCIES
  builder (>= 3.0.0)
  nokogiri (>= 1.4.4)
  rspec (~> 2.14.1)
  simplecov (>= 0.4.0)
  simplecov-rcov (>= 0.2.0)
